GEM
  remote: https://rubygems.org/
  specs:
    cloudflair (0.0.9)
      dry-configurable (~> 0.1)
      faraday (~> 0.9.0)
      faraday-detailed_logger (~> 2.1)
      faraday_middleware (~> 0.10.0)
    concurrent-ruby (1.0.4)
    dry-configurable (0.6.0)
      concurrent-ruby (~> 1.0)
    faraday (0.9.2)
      multipart-post (>= 1.2, < 3)
    faraday-detailed_logger (2.1.1)
      faraday (~> 0.8)
    faraday_middleware (0.10.1)
      faraday (>= 0.7.4, < 1.0)
    multipart-post (2.0.0)

PLATFORMS
  ruby

DEPENDENCIES
  cloudflair
  faraday

BUNDLED WITH
   1.12.5
