GEM
  remote: https://rubygems.org/
  specs:
    cloudflair (0.1.0)
      dry-configurable (~> 0.1)
      faraday (>= 0.10.0, < 0.13)
      faraday-detailed_logger
      faraday_middleware
    concurrent-ruby (1.0.5)
    dry-configurable (0.7.0)
      concurrent-ruby (~> 1.0)
    faraday (0.12.1)
      multipart-post (>= 1.2, < 3)
    faraday-detailed_logger (2.1.1)
      faraday (~> 0.8)
    faraday_middleware (0.11.0.1)
      faraday (>= 0.7.4, < 1.0)
    multipart-post (2.0.0)

PLATFORMS
  ruby

DEPENDENCIES
  cloudflair
  faraday

BUNDLED WITH
   1.14.6
